PATH
  remote: .
  specs:
    happy_little_accidents (0.0.0)

GEM
  remote: http://rubygems.org/
  specs:
    activesupport (4.0.0)
      i18n (~> 0.6, >= 0.6.4)
      minitest (~> 4.2)
      multi_json (~> 1.3)
      thread_safe (~> 0.1)
      tzinfo (~> 0.3.37)
    chunky_png (1.3.0)
    climate_control (0.0.3)
      activesupport (>= 3.0)
    cocaine (0.5.4)
      climate_control (>= 0.0.3, < 1.0)
    coderay (1.1.0)
    color (1.6)
    diff-lcs (1.2.5)
    i18n (0.6.9)
    method_source (0.8.2)
    minitest (4.7.5)
    miro (0.3.0)
      cocaine
      color
      oily_png
    multi_json (1.10.0)
    oily_png (1.1.1)
      chunky_png (~> 1.3.0)
    pry (0.9.12.6)
      coderay (~> 1.0)
      method_source (~> 0.8)
      slop (~> 3.4)
    rspec (2.14.1)
      rspec-core (~> 2.14.0)
      rspec-expectations (~> 2.14.0)
      rspec-mocks (~> 2.14.0)
    rspec-core (2.14.8)
    rspec-expectations (2.14.5)
      diff-lcs (>= 1.1.3, < 2.0)
    rspec-mocks (2.14.6)
    ruby-vips (0.3.8)
    slop (3.5.0)
    thread_safe (0.3.3)
    tzinfo (0.3.39)

PLATFORMS
  ruby

DEPENDENCIES
  happy_little_accidents!
  miro
  pry
  rspec (~> 2.14)
  ruby-vips
